GIT
  remote: git://github.com/mitchellh/vagrant.git
  revision: 970ed5068ede4f6aae4b51e2cabe872aa924cacf
  tag: v1.6.2
  specs:
    vagrant (1.6.2)
      bundler (>= 1.5.2, < 1.7.0)
      childprocess (~> 0.5.0)
      erubis (~> 2.7.0)
      i18n (~> 0.6.0)
      listen (~> 2.7.1)
      log4r (~> 1.1.9, < 1.1.11)
      net-scp (~> 1.1.0)
      net-ssh (>= 2.6.6, < 2.10.0)
      rb-kqueue (~> 0.2.0)
      wdm (~> 0.1.0)
      winrm (~> 1.1.3)

PATH
  remote: .
  specs:
    vagrant-shell-commander (0.3.2)

GEM
  remote: https://rubygems.org/
  specs:
    akami (1.2.2)
      gyoku (>= 0.4.0)
      nokogiri
    builder (3.2.2)
    cane (2.6.0)
      parallel
    celluloid (0.15.2)
      timers (~> 1.1.0)
    childprocess (0.5.3)
      ffi (~> 1.0, >= 1.0.11)
    columnize (0.8.9)
    debugger-linecache (1.2.0)
    debugger2 (1.0.0.beta2)
      columnize (>= 0.3.1)
      debugger-linecache (~> 1.2.0)
    diff-lcs (1.2.4)
    erubis (2.7.0)
    ffi (1.9.3)
    gssapi (1.0.3)
      ffi (>= 1.0.1)
    gyoku (1.1.1)
      builder (>= 2.1.2)
    httpclient (2.3.4.1)
    httpi (0.9.7)
      rack
    i18n (0.6.9)
    listen (2.7.5)
      celluloid (>= 0.15.2)
      rb-fsevent (>= 0.9.3)
      rb-inotify (>= 0.9)
    little-plugger (1.1.3)
    log4r (1.1.10)
    logging (1.8.1)
      little-plugger (>= 1.1.3)
      multi_json (>= 1.3.6)
    mini_portile (0.6.0)
    multi_json (1.7.7)
    net-scp (1.1.2)
      net-ssh (>= 2.6.5)
    net-ssh (2.9.1)
    nokogiri (1.6.2.1)
      mini_portile (= 0.6.0)
    nori (1.1.5)
    parallel (0.7.1)
    rack (1.5.2)
    rake (10.1.0)
    rb-fsevent (0.9.4)
    rb-inotify (0.9.4)
      ffi (>= 0.5.0)
    rb-kqueue (0.2.2)
      ffi (>= 0.5.0)
    reek (1.3.1)
      ruby2ruby (~> 2.0.2)
      ruby_parser (~> 3.1.1)
      sexp_processor
    rspec (2.14.1)
      rspec-core (~> 2.14.0)
      rspec-expectations (~> 2.14.0)
      rspec-mocks (~> 2.14.0)
    rspec-core (2.14.5)
    rspec-expectations (2.14.2)
      diff-lcs (>= 1.1.3, < 2.0)
    rspec-mocks (2.14.3)
    ruby2ruby (2.0.6)
      ruby_parser (~> 3.1)
      sexp_processor (~> 4.0)
    ruby_parser (3.1.3)
      sexp_processor (~> 4.1)
    rubyntlm (0.1.1)
    savon (0.9.5)
      akami (~> 1.0)
      builder (>= 2.1.2)
      gyoku (>= 0.4.0)
      httpi (~> 0.9)
      nokogiri (>= 1.4.0)
      nori (~> 1.0)
      wasabi (~> 1.0)
    sexp_processor (4.2.1)
    simplecov (0.7.1)
      multi_json (~> 1.0)
      simplecov-html (~> 0.7.1)
    simplecov-html (0.7.1)
    timers (1.1.0)
    uuidtools (2.1.4)
    wasabi (1.0.0)
      nokogiri (>= 1.4.0)
    wdm (0.1.0)
    winrm (1.1.3)
      gssapi (~> 1.0.0)
      httpclient (~> 2.2, >= 2.2.0.2)
      logging (~> 1.6, >= 1.6.1)
      nokogiri (~> 1.5)
      rubyntlm (~> 0.1.1)
      savon (= 0.9.5)
      uuidtools (~> 2.1.2)
    yard (0.8.6.2)

PLATFORMS
  ruby

DEPENDENCIES
  bundler (~> 1.3)
  cane
  debugger2
  rake
  reek
  rspec
  simplecov
  vagrant!
  vagrant-shell-commander!
  yard
